GEM
  remote: http://rubygems.org/
  specs:
    NBA_info (0.1.6)
    json (1.8.1)
    rack (1.5.2)
    rack-protection (1.5.3)
      rack
    sinatra (1.4.5)
      rack (~> 1.4)
      rack-protection (~> 1.4)
      tilt (~> 1.3, >= 1.3.4)
    tilt (1.4.1)

PLATFORMS
  ruby

DEPENDENCIES
  NBA_info
  json
  sinatra
